GIT
  remote: git@github.com:hanami/model.git
  revision: 29b5089272e51ff5a3b4e3d4d7613501d03f5261
  branch: develop
  specs:
    hanami-model (1.0.1)
      concurrent-ruby (~> 1.0)
      dry-types (~> 0.11)
      hanami-utils (~> 1.0)
      rom-repository (~> 1.4)
      rom-sql (~> 1.3)

GEM
  remote: https://rubygems.org/
  specs:
    activesupport (5.1.2)
      concurrent-ruby (~> 1.0, >= 1.0.2)
      i18n (~> 0.7)
      minitest (~> 5.1)
      tzinfo (~> 1.1)
    addressable (2.5.1)
      public_suffix (~> 2.0, >= 2.0.2)
    byebug (9.0.6)
    capybara (2.13.0)
      addressable
      mime-types (>= 1.16)
      nokogiri (>= 1.3.3)
      rack (>= 1.0.0)
      rack-test (>= 0.5.4)
      xpath (~> 2.0)
    capybara-webkit (1.14.0)
      capybara (>= 2.3.0, < 2.14.0)
      json
    cliver (0.3.2)
    concurrent-ruby (1.0.5)
    database_cleaner (1.6.1)
    diff-lcs (1.3)
    dotenv (2.2.1)
    dry-configurable (0.7.0)
      concurrent-ruby (~> 1.0)
    dry-container (0.6.0)
      concurrent-ruby (~> 1.0)
      dry-configurable (~> 0.1, >= 0.1.3)
    dry-core (0.3.1)
      concurrent-ruby (~> 1.0)
    dry-equalizer (0.2.0)
    dry-initializer (1.4.1)
    dry-logic (0.4.1)
      dry-container (~> 0.2, >= 0.2.6)
      dry-core (~> 0.2)
      dry-equalizer (~> 0.2)
    dry-struct (0.3.1)
      dry-configurable (~> 0.1)
      dry-core (~> 0.3)
      dry-equalizer (~> 0.2)
      dry-types (~> 0.9, >= 0.9.0)
      ice_nine (~> 0.11)
    dry-types (0.11.0)
      concurrent-ruby (~> 1.0)
      dry-configurable (~> 0.1)
      dry-container (~> 0.3)
      dry-core (~> 0.2, >= 0.2.1)
      dry-equalizer (~> 0.2)
      dry-logic (~> 0.4, >= 0.4.0)
      inflecto (~> 0.0.0, >= 0.0.2)
    dry-validation (0.11.0)
      concurrent-ruby (~> 1.0)
      dry-configurable (~> 0.1, >= 0.1.3)
      dry-core (~> 0.2, >= 0.2.1)
      dry-equalizer (~> 0.2)
      dry-logic (~> 0.4, >= 0.4.0)
      dry-types (~> 0.11.0)
    factory_girl (4.8.0)
      activesupport (>= 3.0.0)
    hanami (1.0.0)
      bundler (~> 1.13)
      concurrent-ruby (~> 1.0)
      hanami-assets (~> 1.0)
      hanami-controller (~> 1.0)
      hanami-helpers (~> 1.0)
      hanami-mailer (~> 1.0)
      hanami-router (~> 1.0)
      hanami-utils (~> 1.0)
      hanami-validations (~> 1.0)
      hanami-view (~> 1.0)
      thor (~> 0.19)
    hanami-assets (1.0.0)
      hanami-helpers (~> 1.0)
      hanami-utils (~> 1.0)
      tilt (~> 2.0, >= 2.0.2)
    hanami-controller (1.0.1)
      hanami-utils (~> 1.0)
      rack (~> 2.0)
    hanami-helpers (1.0.0)
      hanami-utils (~> 1.0)
    hanami-mailer (1.0.0)
      hanami-utils (~> 1.0)
      mail (~> 2.5)
      tilt (~> 2.0, >= 2.0.1)
    hanami-router (1.0.1)
      hanami-utils (~> 1.0)
      http_router (= 0.11.2)
      rack (~> 2.0)
    hanami-utils (1.0.2)
      transproc (~> 1.0)
    hanami-validations (1.0.0)
      dry-validation (~> 0.10)
      hanami-utils (~> 1.0)
    hanami-view (1.0.0)
      hanami-utils (~> 1.0)
      tilt (~> 2.0, >= 2.0.1)
    http_router (0.11.2)
      rack (>= 1.0.0)
      url_mount (~> 0.2.1)
    i18n (0.8.6)
    ice_nine (0.11.2)
    inflecto (0.0.2)
    json (2.1.0)
    mail (2.6.6)
      mime-types (>= 1.16, < 4)
    mime-types (3.1)
      mime-types-data (~> 3.2015)
    mime-types-data (3.2016.0521)
    mini_portile2 (2.2.0)
    minitest (5.10.3)
    nokogiri (1.8.0)
      mini_portile2 (~> 2.2.0)
    pg (0.21.0)
    poltergeist (1.15.0)
      capybara (~> 2.1)
      cliver (~> 0.3.1)
      websocket-driver (>= 0.2.0)
    public_suffix (2.0.5)
    rack (2.0.3)
    rack-test (0.7.0)
      rack (>= 1.0, < 3)
    rake (12.0.0)
    rom (3.3.1)
      concurrent-ruby (~> 1.0)
      dry-core (~> 0.3)
      dry-equalizer (~> 0.2)
      dry-initializer (~> 1.3)
      dry-types (~> 0.9, >= 0.9.4)
      rom-mapper (~> 0.5, >= 0.5.1)
    rom-mapper (0.5.1)
      dry-core (~> 0.2, >= 0.2.3)
      dry-equalizer (~> 0.2)
      transproc (~> 1.0)
    rom-repository (1.4.0)
      dry-core (~> 0.3, >= 0.3.1)
      dry-struct (~> 0.3)
      rom (~> 3.3)
      rom-mapper (~> 0.5)
    rom-sql (1.3.3)
      dry-core (~> 0.3)
      dry-equalizer (~> 0.2)
      dry-types (~> 0.10, >= 0.10.2)
      rom (~> 3.2, >= 3.2.2)
      sequel (~> 4.43)
    rspec (3.6.0)
      rspec-core (~> 3.6.0)
      rspec-expectations (~> 3.6.0)
      rspec-mocks (~> 3.6.0)
    rspec-core (3.6.0)
      rspec-support (~> 3.6.0)
    rspec-expectations (3.6.0)
      diff-lcs (>= 1.2.0, < 2.0)
      rspec-support (~> 3.6.0)
    rspec-mocks (3.6.0)
      diff-lcs (>= 1.2.0, < 2.0)
      rspec-support (~> 3.6.0)
    rspec-support (3.6.0)
    sequel (4.48.0)
    shotgun (0.9.2)
      rack (>= 1.0)
    slim (3.0.8)
      temple (>= 0.7.6, < 0.9)
      tilt (>= 1.3.3, < 2.1)
    temple (0.8.0)
    thor (0.19.4)
    thread_safe (0.3.6)
    tilt (2.0.8)
    transproc (1.0.2)
    tzinfo (1.2.3)
      thread_safe (~> 0.1)
    url_mount (0.2.1)
      rack
    websocket-driver (0.6.5)
      websocket-extensions (>= 0.1.0)
    websocket-extensions (0.1.2)
    xpath (2.1.0)
      nokogiri (~> 1.3)

PLATFORMS
  ruby

DEPENDENCIES
  byebug
  capybara
  capybara-webkit
  database_cleaner
  dotenv (~> 2.0)
  factory_girl
  hanami (~> 1.0)
  hanami-model!
  pg
  poltergeist
  rake
  rspec
  shotgun
  slim

BUNDLED WITH
   1.15.3
